GEM
  remote: https://rubygems.org/
  specs:
    ast (1.1.0)
    parser (2.1.4)
      ast (~> 1.1)
      slop (~> 3.4, >= 3.4.5)
    powerpack (0.0.9)
    rainbow (1.99.1)
    rubocop (0.16.0)
      parser (~> 2.1)
      powerpack (~> 0.0.6)
      rainbow (>= 1.1.4)
    slop (3.4.7)

PLATFORMS
  ruby

DEPENDENCIES
  rubocop
